RESTRICTION: >= net462
NUGET
  remote: https://www.nuget.org/api/v2
    Castle.Core (4.3.1)
    FluentAssertions (4.19.4)
    Microsoft.Extensions.Configuration (2.1.1) - restriction: && (>= net462) (>= netstandard2.0)
      Microsoft.Extensions.Configuration.Abstractions (>= 2.1.1) - restriction: && (>= net462) (>= netstandard2.0)
    Microsoft.Extensions.Configuration.Abstractions (2.1.1) - restriction: && (>= net462) (>= netstandard2.0)
      Microsoft.Extensions.Primitives (>= 2.1.1) - restriction: && (>= net462) (>= netstandard2.0)
    Microsoft.Extensions.Configuration.Binder (2.1.1) - restriction: && (>= net462) (>= netstandard2.0)
      Microsoft.Extensions.Configuration (>= 2.1.1) - restriction: && (>= net462) (>= netstandard2.0)
    Microsoft.Extensions.DependencyInjection.Abstractions (2.1.1) - restriction: && (>= net462) (>= netstandard2.0)
    Microsoft.Extensions.Logging (2.1.1)
      Microsoft.Extensions.Configuration.Binder (>= 2.1.1) - restriction: && (>= net462) (>= netstandard2.0)
      Microsoft.Extensions.DependencyInjection.Abstractions (>= 2.1.1) - restriction: && (>= net462) (>= netstandard2.0)
      Microsoft.Extensions.Logging.Abstractions (>= 2.1.1) - restriction: && (>= net462) (>= netstandard2.0)
      Microsoft.Extensions.Options (>= 2.1.1) - restriction: && (>= net462) (>= netstandard2.0)
    Microsoft.Extensions.Logging.Abstractions (2.1.1) - restriction: && (>= net462) (>= netstandard2.0)
    Microsoft.Extensions.Options (2.1.1) - restriction: && (>= net462) (>= netstandard2.0)
      Microsoft.Extensions.DependencyInjection.Abstractions (>= 2.1.1) - restriction: && (>= net462) (>= netstandard2.0)
      Microsoft.Extensions.Primitives (>= 2.1.1) - restriction: && (>= net462) (>= netstandard2.0)
    Microsoft.Extensions.Primitives (2.1.6) - restriction: && (>= net462) (>= netstandard2.0)
      System.Memory (>= 4.5.1) - restriction: && (>= net462) (>= netstandard2.0)
      System.Runtime.CompilerServices.Unsafe (>= 4.5.2) - restriction: && (>= net462) (>= netstandard2.0)
    Moq (4.10)
      Castle.Core (>= 4.3.1)
      System.Threading.Tasks.Extensions (>= 4.3)
      System.ValueTuple (>= 4.4)
    NUnit (3.11)
    SemVer.Git.MSBuild (1.3) - content: once
    System.Buffers (4.5) - restriction: || (&& (>= net462) (>= netstandard2.0)) (&& (>= net462) (>= xamarinios))
    System.Configuration.ConfigurationManager (4.5)
      System.Security.Permissions (>= 4.5)
    System.Memory (4.5.1) - restriction: && (>= net462) (>= netstandard2.0)
      System.Buffers (>= 4.4)
      System.Numerics.Vectors (>= 4.4)
      System.Runtime.CompilerServices.Unsafe (>= 4.5)
    System.Numerics.Vectors (4.5) - restriction: && (>= net462) (>= netstandard2.0)
    System.Runtime.Caching (4.5)
    System.Runtime.CompilerServices.Unsafe (4.5.2)
    System.Security.AccessControl (4.5)
      System.Security.Principal.Windows (>= 4.5)
    System.Security.Permissions (4.5)
      System.Security.AccessControl (>= 4.5)
    System.Security.Principal.Windows (4.5.1)
    System.Threading.Tasks.Extensions (4.5.1)
      System.Runtime.CompilerServices.Unsafe (>= 4.5)
    System.ValueTuple (4.5)
    VaraniumSharp (3.1.7)
      Microsoft.Extensions.Logging (>= 2.1.1)
      System.Configuration.ConfigurationManager (>= 4.5)
      System.Runtime.Caching (>= 4.5)
